PATH
  remote: .
  specs:
    downgrade (0.1.0)
      activesupport (> 5.0)
      rack (>= 2.0)
      redis (> 3.0)

GEM
  remote: https://rubygems.org/
  specs:
    activesupport (5.2.0)
      concurrent-ruby (~> 1.0, >= 1.0.2)
      i18n (>= 0.7, < 2)
      minitest (~> 5.1)
      tzinfo (~> 1.1)
    concurrent-ruby (1.0.5)
    i18n (1.0.1)
      concurrent-ruby (~> 1.0)
    minitest (5.11.3)
    rack (2.0.5)
    rake (10.5.0)
    redis (4.0.1)
    thread_safe (0.3.6)
    tzinfo (1.2.5)
      thread_safe (~> 0.1)

PLATFORMS
  ruby

DEPENDENCIES
  bundler (~> 1.16)
  downgrade!
  rake (~> 10.0)

BUNDLED WITH
   1.16.1
