PATH
  remote: .
  specs:
    downgrade (0.1.1)
      activesupport (> 5.0)
      rack (>= 2.0.6)
      redis (> 3.0)

GEM
  remote: https://rubygems.org/
  specs:
    activesupport (7.0.3.1)
      concurrent-ruby (~> 1.0, >= 1.0.2)
      i18n (>= 1.6, < 2)
      minitest (>= 5.1)
      tzinfo (~> 2.0)
    concurrent-ruby (1.1.10)
    i18n (1.12.0)
      concurrent-ruby (~> 1.0)
    minitest (5.16.2)
    rack (2.0.7)
    rake (10.5.0)
    redis (4.1.3)
    tzinfo (2.0.5)
      concurrent-ruby (~> 1.0)

PLATFORMS
  ruby

DEPENDENCIES
  bundler (~> 2)
  downgrade!
  rake (~> 10.0)

BUNDLED WITH
   2.0.1
